GEM
  remote: https://rubygems.org/
  specs:
    byebug (12.0.0)
    coderay (1.1.3)
    concurrent-ruby (1.3.5)
    connection_pool (2.5.4)
    dotenv (3.1.8)
    faker (3.5.2)
      i18n (>= 1.8.11, < 2)
    i18n (1.14.7)
      concurrent-ruby (~> 1.0)
    method_source (1.1.0)
    nio4r (2.7.4)
    pry (0.15.2)
      coderay (~> 1.1)
      method_source (~> 1.0)
    pry-byebug (3.11.0)
      byebug (~> 12.0)
      pry (>= 0.13, < 0.16)
    puma (7.0.4)
      nio4r (~> 2.0)
    rack (3.2.3)
    redis (5.4.1)
      redis-client (>= 0.22.0)
    redis-client (0.26.1)
      connection_pool

PLATFORMS
  ruby

DEPENDENCIES
  bundler (>= 2.0)
  dotenv
  faker
  pry-byebug
  puma
  rack
  redis

BUNDLED WITH
   2.7.2
